GEM
  remote: https://rubygems.org/
  specs:
    RedCloth (4.2.9)
    chunky_png (1.2.5)
    classifier (1.3.4)
      fast-stemmer (>= 1.0.0)
    coderay (1.1.0)
    colorator (0.1)
    commander (4.1.6)
      highline (~> 1.6.11)
    compass (0.12.2)
      chunky_png (~> 1.2)
      fssm (>= 0.2.7)
      sass (~> 3.1)
    directory_watcher (1.4.1)
    fast-stemmer (1.0.2)
    ffi (1.9.3)
    formatador (0.2.4)
    fssm (0.2.9)
    guard (1.8.3)
      formatador (>= 0.2.4)
      listen (~> 1.3)
      lumberjack (>= 1.0.2)
      pry (>= 0.9.10)
      thor (>= 0.14.6)
    guard-compass (0.0.8)
      compass (>= 0.10.5)
      guard (>= 1.8)
    guard-jekyll-plus (1.4.10)
      guard (~> 1.8.3)
      jekyll (>= 1.0.0)
    highline (1.6.20)
    jekyll (1.2.1)
      classifier (~> 1.3)
      colorator (~> 0.1)
      commander (~> 4.1.3)
      directory_watcher (~> 1.4.1)
      liquid (~> 2.5.2)
      maruku (~> 0.5)
      pygments.rb (~> 0.5.0)
      redcarpet (~> 2.3.0)
      safe_yaml (~> 0.7.0)
    jekyll-page-hooks (1.1.0)
      jekyll (>= 1.0.0)
    liquid (2.5.5)
    listen (1.3.1)
      rb-fsevent (>= 0.9.3)
      rb-inotify (>= 0.9)
      rb-kqueue (>= 0.2)
    lumberjack (1.0.4)
    maruku (0.7.1)
    method_source (0.8.2)
    pandoc-ruby (0.7.5)
    posix-spawn (0.3.8)
    pry (0.9.12.6)
      coderay (~> 1.0)
      method_source (~> 0.8)
      slop (~> 3.4)
    pygments.rb (0.5.4)
      posix-spawn (~> 0.3.6)
      yajl-ruby (~> 1.1.0)
    rack (1.5.2)
    rake (10.1.1)
    rb-fchange (0.0.6)
      ffi
    rb-fsevent (0.9.4)
    rb-inotify (0.9.3)
      ffi (>= 0.5.0)
    rb-kqueue (0.2.0)
      ffi (>= 0.5.0)
    rdiscount (2.0.7.3)
    redcarpet (2.3.0)
    rubypants (0.2.0)
    safe_yaml (0.7.1)
    sass (3.2.9)
    sass-globbing (1.0.0)
      sass (>= 3.1)
    slop (3.4.7)
    stringex (1.4.0)
    thor (0.18.1)
    yajl-ruby (1.1.0)

PLATFORMS
  ruby

DEPENDENCIES
  RedCloth (~> 4.2.9)
  compass (~> 0.12.2)
  guard-compass (~> 0.0.8)
  guard-jekyll-plus (~> 1.4.6)
  jekyll (~> 1.2.0)
  jekyll-page-hooks
  pandoc-ruby (~> 0.7.5)
  rack (~> 1.5.2)
  rake (~> 10.1)
  rb-fchange (~> 0.0.6)
  rb-fsevent (~> 0.9.3)
  rb-inotify (~> 0.9.0)
  rdiscount (~> 2.0.7)
  rubypants (~> 0.2.0)
  sass (~> 3.2)
  sass-globbing (~> 1.0.0)
  stringex (~> 1.4.0)
